GIT
  remote: git@github.com:ivanoats/showoff.git
  revision: f37d26220c455b2ef77c212e4397ccd1f9b33e3e
  specs:
    showoff (0.7.0)
      gli (~> 2)
      json
      nokogiri
      parslet
      redcarpet
      sinatra (~> 1.3)

GEM
  remote: https://rubygems.org/
  specs:
    blankslate (2.1.2.4)
    coderay (1.0.9)
    gli (2.5.4)
    json (1.7.7)
    method_source (0.8.1)
    mini_portile2 (2.8.0)
    nokogiri (1.13.9)
      mini_portile2 (~> 2.8.0)
      racc (~> 1.4)
    parslet (1.5.0)
      blankslate (~> 2.0)
    pdfkit (0.5.4)
    pry (0.9.12)
      coderay (~> 1.0.5)
      method_source (~> 0.8)
      slop (~> 3.4)
    racc (1.6.0)
    rack (1.5.2)
    rack-protection (1.4.0)
      rack
    redcarpet (2.2.2)
    rmagick (2.13.2)
    sinatra (1.3.5)
      rack (~> 1.4)
      rack-protection (~> 1.3)
      tilt (~> 1.3, >= 1.3.3)
    slop (3.4.3)
    tilt (1.3.4)

PLATFORMS
  ruby

DEPENDENCIES
  pdfkit
  pry
  rmagick
  showoff!
